GEM
  remote: https://rubygems.org/
  specs:
    activesupport (5.2.3)
      concurrent-ruby (~> 1.0, >= 1.0.2)
      i18n (>= 0.7, < 2)
      minitest (~> 5.1)
      tzinfo (~> 1.1)
    addressable (2.6.0)
      public_suffix (>= 2.0.2, < 4.0)
    coderay (1.1.2)
    concurrent-ruby (1.1.5)
    faraday (0.15.4)
      multipart-post (>= 1.2, < 3)
    google-api-client (0.9)
      activesupport (>= 3.2)
      addressable (~> 2.3)
      googleauth (~> 0.5)
      httpclient (~> 2.7)
      hurley (~> 0.1)
      memoist (~> 0.11)
      mime-types (>= 1.6)
      multi_json (~> 1.11)
      representable (~> 2.3.0)
      retriable (~> 2.0)
      thor (~> 0.19)
    googleauth (0.8.1)
      faraday (~> 0.12)
      jwt (>= 1.4, < 3.0)
      memoist (~> 0.16)
      multi_json (~> 1.11)
      os (>= 0.9, < 2.0)
      signet (~> 0.7)
    httparty (0.17.0)
      mime-types (~> 3.0)
      multi_xml (>= 0.5.2)
    httpclient (2.8.3)
    hurley (0.2)
    i18n (1.6.0)
      concurrent-ruby (~> 1.0)
    influxdb (0.7.0)
    json (2.2.0)
    jwt (2.2.1)
    logger (1.3.0)
    memoist (0.16.0)
    method_source (0.9.2)
    mime-types (3.2.2)
      mime-types-data (~> 3.2015)
    mime-types-data (3.2019.0331)
    minitest (5.11.3)
    multi_json (1.13.1)
    multi_xml (0.6.0)
    multipart-post (2.1.1)
    os (1.0.1)
    pry (0.12.2)
      coderay (~> 1.1.0)
      method_source (~> 0.9.0)
    pry-doc (1.0.0)
      pry (~> 0.11)
      yard (~> 0.9.11)
    public_suffix (3.1.0)
    representable (2.3.0)
      uber (~> 0.0.7)
    retriable (2.1.0)
    serialport (1.3.1)
    signet (0.11.0)
      addressable (~> 2.3)
      faraday (~> 0.9)
      jwt (>= 1.5, < 3.0)
      multi_json (~> 1.10)
    thor (0.20.3)
    thread_safe (0.3.6)
    tzinfo (1.2.5)
      thread_safe (~> 0.1)
    uber (0.0.15)
    webrick (1.4.2)
    wiringpi2 (2.0.1)
    wunderground (1.2.0)
      addressable
      httparty (> 0.6.0)
      json (> 1.4.0)
    yard (0.9.19)

PLATFORMS
  ruby

DEPENDENCIES
  google-api-client (= 0.9)
  influxdb
  logger
  method_source (>= 0.8.2)
  pry
  pry-doc (>= 0.6.0)
  serialport
  thor
  webrick
  wiringpi2
  wunderground

BUNDLED WITH
   2.0.2
